GIT
  remote: git://github.com/abstractive/rspec-log_split.git
  revision: 84eae1fa4b7477e31ae6eda3ac9db7a8f831b976
  branch: master
  specs:
    rspec-log_split (0.1.1)

GIT
  remote: git://github.com/celluloid/celluloid.git
  revision: 333ab45e99b7e35dca93cc28b0c3f7279ef7781c
  branch: 0.17.0-prerelease
  specs:
    celluloid (0.17.0)
      timers (~> 4.0.0)

PATH
  remote: .
  specs:
    celluloid-pool (0.5.0)
      celluloid (~> 0.17.0)

GEM
  remote: https://rubygems.org/
  specs:
    coveralls (0.8.0)
      multi_json (~> 1.10)
      rest-client (>= 1.6.8, < 2)
      simplecov (~> 0.9.1)
      term-ansicolor (~> 1.3)
      thor (~> 0.19.1)
    diff-lcs (1.2.5)
    docile (1.1.5)
    domain_name (0.5.23)
      unf (>= 0.0.5, < 1.0.0)
    hitimes (1.2.2)
    hitimes (1.2.2-java)
    http-cookie (1.0.2)
      domain_name (~> 0.5)
    mime-types (2.4.3)
    multi_json (1.11.0)
    netrc (0.10.3)
    rake (10.4.2)
    rest-client (1.8.0)
      http-cookie (>= 1.0.2, < 2.0)
      mime-types (>= 1.16, < 3.0)
      netrc (~> 0.7)
    rspec (3.2.0)
      rspec-core (~> 3.2.0)
      rspec-expectations (~> 3.2.0)
      rspec-mocks (~> 3.2.0)
    rspec-core (3.2.2)
      rspec-support (~> 3.2.0)
    rspec-expectations (3.2.0)
      diff-lcs (>= 1.2.0, < 2.0)
      rspec-support (~> 3.2.0)
    rspec-mocks (3.2.1)
      diff-lcs (>= 1.2.0, < 2.0)
      rspec-support (~> 3.2.0)
    rspec-retry (0.4.0)
      rspec-core
    rspec-support (3.2.2)
    simplecov (0.9.2)
      docile (~> 1.1.0)
      multi_json (~> 1.0)
      simplecov-html (~> 0.9.0)
    simplecov-html (0.9.0)
    term-ansicolor (1.3.0)
      tins (~> 1.0)
    thor (0.19.1)
    timers (4.0.1)
      hitimes
    tins (1.3.5)
    unf (0.1.4)
      unf_ext
    unf (0.1.4-java)
    unf_ext (0.0.6)

PLATFORMS
  java
  ruby

DEPENDENCIES
  bundler
  celluloid!
  celluloid-pool!
  coveralls
  rake
  rspec (~> 3.2)
  rspec-log_split!
  rspec-retry
